GEM
  remote: https://rubygems.org/
  specs:
    language_server-protocol (3.17.0.4)
    logger (1.6.5)
    prism (1.3.0)
    rbs (3.8.1)
      logger
    ruby-lsp (0.23.8)
      language_server-protocol (~> 3.17.0)
      prism (>= 1.2, < 2.0)
      rbs (>= 3, < 4)
      sorbet-runtime (>= 0.5.10782)
    sorbet-runtime (0.5.11798)

PLATFORMS
  ruby
  x86_64-linux

DEPENDENCIES
  ruby-lsp

BUNDLED WITH
   2.6.3
